GEM
  remote: https://rubygems.org/
  specs:
    execjs (2.0.2)
    haml (4.0.4)
      tilt
    hamlbars (2.1.0)
      execjs (>= 1.2)
      haml
      sprockets
      tilt
    hike (1.2.3)
    multi_json (1.8.4)
    rack (1.5.2)
    rack-protection (1.5.1)
      rack
    shotgun (0.9)
      rack (>= 1.0)
    sinatra (1.4.4)
      rack (~> 1.4)
      rack-protection (~> 1.4)
      tilt (~> 1.3, >= 1.3.4)
    sprockets (2.10.1)
      hike (~> 1.2)
      multi_json (~> 1.0)
      rack (~> 1.0)
      tilt (~> 1.1, != 1.3.0)
    tilt (1.4.1)

PLATFORMS
  ruby

DEPENDENCIES
  haml
  hamlbars (~> 2.0)
  shotgun
  sinatra
